GEM
  remote: https://rubygems.org/
  specs:
    activesupport (4.2.11.3)
      i18n (~> 0.7)
      minitest (~> 5.1)
      thread_safe (~> 0.3, >= 0.3.4)
      tzinfo (~> 1.1)
    concurrent-ruby (1.1.9)
    i18n (0.9.5)
      concurrent-ruby (~> 1.0)
    mini_portile (0.6.0)
    minitest (5.4.1)
    nokogiri (1.6.3.1)
      mini_portile (= 0.6.0)
    shoulda-context (1.2.1)
    thread_safe (0.3.6)
    tzinfo (1.2.10)
      thread_safe (~> 0.1)

PLATFORMS
  ruby

DEPENDENCIES
  activesupport
  minitest
  nokogiri
  shoulda-context
